PATH
  remote: .
  specs:
    influence (0.0.1)
      gli (= 2.5.0)

GEM
  remote: http://rubygems.org/
  specs:
    aruba (0.5.1)
      childprocess (~> 0.3.6)
      cucumber (>= 1.1.1)
      rspec-expectations (>= 2.7.0)
    builder (3.1.4)
    childprocess (0.3.6)
      ffi (~> 1.0, >= 1.0.6)
    cucumber (1.2.1)
      builder (>= 2.1.2)
      diff-lcs (>= 1.1.3)
      gherkin (~> 2.11.0)
      json (>= 1.4.6)
    diff-lcs (1.1.3)
    ffi (1.2.0)
    gherkin (2.11.5)
      json (>= 1.4.6)
    gli (2.5.0)
    json (1.7.5)
    mime-types (1.17.2)
    rake (10.0.2)
    rdoc (3.12)
      json (~> 1.4)
    rest-client (1.6.7)
      mime-types (>= 1.16)
    rspec-expectations (2.12.0)
      diff-lcs (~> 1.1.3)
    terminal-table (1.4.5)

PLATFORMS
  ruby

DEPENDENCIES
  aruba
  gli
  influence!
  rake
  rdoc
  rest-client
  terminal-table
